GEM
  remote: http://rubygems.org/
  specs:
    diff-lcs (1.1.2)
    nokogiri (1.4.4)
    rspec (2.0.1)
      rspec-core (~> 2.0.1)
      rspec-expectations (~> 2.0.1)
      rspec-mocks (~> 2.0.1)
    rspec-core (2.0.1)
    rspec-expectations (2.0.1)
      diff-lcs (>= 1.1.2)
    rspec-mocks (2.0.1)
      rspec-core (~> 2.0.1)
      rspec-expectations (~> 2.0.1)
    sequel (3.40.0)
    sqlite3 (1.3.6)

PLATFORMS
  ruby

DEPENDENCIES
  nokogiri
  rspec (~> 2.0.0)
  sequel
  sqlite3
